GEM
  remote: https://rubygems.org/
  specs:
    mime-types (2.4.3)
    mini_portile (0.6.0)
    netrc (0.10.3)
    nokogiri (1.6.3.1)
      mini_portile (= 0.6.0)
    puma (2.9.2)
      rack (>= 1.1, < 2.0)
    rack (1.5.2)
    rack-protection (1.5.3)
      rack
    rest-client (1.7.3)
      mime-types (>= 1.16, < 3.0)
      netrc (~> 0.7)
    sinatra (1.4.5)
      rack (~> 1.4)
      rack-protection (~> 1.4)
      tilt (~> 1.3, >= 1.3.4)
    tilt (1.4.1)

PLATFORMS
  ruby

DEPENDENCIES
  nokogiri
  puma
  rest-client
  sinatra
